GEM
  remote: https://rubygems.org/
  specs:
    smarter_csv (1.1.4)

PLATFORMS
  ruby

DEPENDENCIES
  smarter_csv
